GEM
  remote: https://rubygems.org/
  specs:
    activemodel (5.2.8.1)
      activesupport (= 5.2.8.1)
    activerecord (5.2.8.1)
      activemodel (= 5.2.8.1)
      activesupport (= 5.2.8.1)
      arel (>= 9.0)
    activesupport (5.2.8.1)
      concurrent-ruby (~> 1.0, >= 1.0.2)
      i18n (>= 0.7, < 2)
      minitest (~> 5.1)
      tzinfo (~> 1.1)
    arel (9.0.0)
    chunky_png (1.4.0)
    coderay (1.1.3)
    concurrent-ruby (1.1.10)
    djinni (2.2.5)
      fagin (~> 1.2, >= 1.2.2)
    fagin (1.2.2)
    hilighter (1.5.9)
    i18n (1.11.0)
      concurrent-ruby (~> 1.0)
    json (2.6.2)
    jsoncfg (1.2.11)
    jwt (2.3.0)
    kgio (2.11.4)
    method_source (1.0.0)
    minitest (5.15.0)
    multi_json (1.15.0)
    mustermann (1.1.1)
      ruby2_keywords (~> 0.0.1)
    os (1.1.4)
    pbkdf2-ruby (0.2.1)
    pry (0.14.1)
      coderay (~> 1.1)
      method_source (~> 1.0)
    rack (2.2.3.1)
    rack-protection (2.2.0)
      rack
    rack-test (1.1.0)
      rack (>= 1.0, < 3)
    raindrops (0.20.0)
    rake (13.0.6)
    rotp (6.2.0)
    rqrcode (2.1.1)
      chunky_png (~> 1.0)
      rqrcode_core (~> 1.0)
    rqrcode_core (1.2.0)
    rubeepass (3.5.0)
      djinni (~> 2.2, >= 2.2.5)
      hilighter (~> 1.5, >= 1.5.1)
      jsoncfg (~> 1.2, >= 1.2.11)
      os (~> 1.0, >= 1.0.1)
      salsa20 (~> 0.1, >= 0.1.3)
      scoobydoo (~> 1.0, >= 1.0.1)
      twofish (~> 1.0, >= 1.0.8)
    ruby2_keywords (0.0.5)
    salsa20 (0.1.3)
    scoobydoo (1.0.1)
    sinatra (2.2.0)
      mustermann (~> 1.0)
      rack (~> 2.2)
      rack-protection (= 2.2.0)
      tilt (~> 2.0)
    sinatra-activerecord (2.0.25)
      activerecord (>= 4.1)
      sinatra (>= 1.0)
    sinatra-contrib (2.2.0)
      multi_json
      mustermann (~> 1.0)
      rack-protection (= 2.2.0)
      sinatra (= 2.2.0)
      tilt (~> 2.0)
    sqlite3 (1.4.2)
    thread_safe (0.3.6)
    tilt (2.0.10)
    twofish (1.0.8)
    tzinfo (1.2.9)
      thread_safe (~> 0.1)
    unicorn (6.1.0)
      kgio (~> 2.6)
      raindrops (~> 0.7)

PLATFORMS
  ruby

DEPENDENCIES
  activerecord (~> 5.2)
  json
  jwt
  minitest
  pbkdf2-ruby
  pry
  rack (~> 2.2)
  rack-test
  rake
  rotp
  rqrcode
  rubeepass (~> 3.3)
  sinatra (~> 2.2)
  sinatra-activerecord (~> 2.0)
  sinatra-contrib (~> 2.2)
  sqlite3
  unicorn

RUBY VERSION
   ruby 2.4.2p198

BUNDLED WITH
   1.17.2
